GEM
  remote: https://rubygems.org/
  specs:
    rlua (1.2)

PLATFORMS
  ruby

DEPENDENCIES
  rlua

BUNDLED WITH
   1.15.4
